GEM
  remote: https://rubygems.org/
  specs:
    rake (13.0.3)

PLATFORMS
  ruby

DEPENDENCIES
  bundler (~> 1.16.1)
  rake

RUBY VERSION
   ruby 2.5.0p0

BUNDLED WITH
   1.16.1
