GEM
  remote: https://rubygems.org/
  specs:
    activesupport (5.2.5)
      concurrent-ruby (~> 1.0, >= 1.0.2)
      i18n (>= 0.7, < 2)
      minitest (~> 5.1)
      tzinfo (~> 1.1)
    ast (2.4.2)
    concurrent-ruby (1.1.8)
    danica (2.7.5)
      activesupport (~> 5.2.x)
      darthjee-core_ext (~> 1.7.3)
    darthjee-core_ext (1.7.4)
      activesupport (>= 5.2.x)
    dr_light (0.0.3)
    i18n (1.8.9)
      concurrent-ruby (~> 1.0)
    jaro_winkler (1.5.4)
    minitest (5.14.4)
    parallel (1.20.1)
    parser (3.0.0.0)
      ast (~> 2.4.1)
    rainbow (3.0.0)
    rake (13.0.1)
    rexml (3.2.4)
    rubocop (0.80.1)
      jaro_winkler (~> 1.5.1)
      parallel (~> 1.10)
      parser (>= 2.7.0.1)
      rainbow (>= 2.2.2, < 4.0)
      rexml
      ruby-progressbar (~> 1.7)
      unicode-display_width (>= 1.4.0, < 1.7)
    ruby-progressbar (1.11.0)
    sinclair (1.6.7)
      activesupport (~> 5.2.0)
    thread_safe (0.3.6)
    tzinfo (1.2.9)
      thread_safe (~> 0.1)
    unicode-display_width (1.6.1)

PLATFORMS
  ruby

DEPENDENCIES
  activesupport (= 5.2.5)
  bundler (~> 1.16.1)
  danica (= 2.7.5)
  dr_light (= 0.0.3)
  rake (= 13.0.1)
  rubocop (= 0.80.1)
  sinclair (= 1.6.7)

RUBY VERSION
   ruby 2.5.0p0

BUNDLED WITH
   1.16.1
